GEM
  remote: http://rubygems.org/
  specs:
    addressable (2.2.6)
    builder (3.0.0)
    crack (0.3.1)
    faraday (0.7.6)
      addressable (~> 2.2)
      multipart-post (~> 1.1)
      rack (~> 1.1)
    multi_json (1.0.4)
    multipart-post (1.1.4)
    oauth (0.4.4)
    oauth2 (0.5.2)
      faraday (~> 0.7)
      multi_json (~> 1.0)
    rack (1.4.1)
    rake (0.8.7)
    simple_oauth (0.1.5)
    webmock (1.7.10)
      addressable (~> 2.2, > 2.2.5)
      crack (>= 0.1.7)

PLATFORMS
  ruby

DEPENDENCIES
  builder
  faraday (~> 0.7.3)
  oauth (= 0.4.4)
  oauth2 (= 0.5.2)
  rake (= 0.8.7)
  simple_oauth (= 0.1.5)
  webmock
